PATH
  remote: .
  specs:
    gda (1.1.4)

GEM
  remote: https://rubygems.org/
  specs:
    minitest (5.20.0)
    rake (13.1.0)
    rake-compiler (1.2.5)
      rake
    sqlite3 (1.6.9-arm64-darwin)
    sqlite3 (1.6.9-x86_64-darwin)
    sqlite3 (1.6.9-x86_64-linux)

PLATFORMS
  arm64-darwin
  x86_64-darwin
  x86_64-linux

DEPENDENCIES
  gda!
  minitest (~> 5.0)
  rake (~> 13)
  rake-compiler
  sqlite3

BUNDLED WITH
   2.3.4
